GEM
  remote: https://rubygems.org/
  specs:
    arg-parser (0.4.1)
    colorize (0.8.1)
    curb (0.9.10)
    diff-lcs (1.3)
    rspec (3.9.0)
      rspec-core (~> 3.9.0)
      rspec-expectations (~> 3.9.0)
      rspec-mocks (~> 3.9.0)
    rspec-core (3.9.1)
      rspec-support (~> 3.9.1)
    rspec-expectations (3.9.1)
      diff-lcs (>= 1.2.0, < 2.0)
      rspec-support (~> 3.9.0)
    rspec-mocks (3.9.1)
      diff-lcs (>= 1.2.0, < 2.0)
      rspec-support (~> 3.9.0)
    rspec-support (3.9.2)

PLATFORMS
  ruby

DEPENDENCIES
  arg-parser
  colorize
  curb
  rspec
  rspec-core

RUBY VERSION
   ruby 2.6.5p114

BUNDLED WITH
   2.1.4
